GEM
  remote: https://rubygems.org/
  specs:
    CFPropertyList (3.0.3)
    activesupport (6.1.0)
      concurrent-ruby (~> 1.0, >= 1.0.2)
      i18n (>= 1.6, < 2)
      minitest (>= 5.1)
      tzinfo (~> 2.0)
      zeitwerk (~> 2.3)
    atomos (0.1.3)
    claide (1.0.3)
    clamp (1.3.2)
    colored2 (3.1.2)
    concurrent-ruby (1.1.7)
    i18n (1.8.5)
      concurrent-ruby (~> 1.0)
    mini_portile2 (2.8.0)
    minitest (5.14.2)
    nanaimo (0.3.0)
    nokogiri (1.13.2)
      mini_portile2 (~> 2.8.0)
      racc (~> 1.4)
    racc (1.6.0)
    rouge (2.0.7)
    slather (2.6.0)
      CFPropertyList (>= 2.2, < 4)
      activesupport
      clamp (~> 1.3)
      nokogiri (~> 1.8)
      xcodeproj (~> 1.7)
    tzinfo (2.0.3)
      concurrent-ruby (~> 1.0)
    xcodeproj (1.19.0)
      CFPropertyList (>= 2.3.3, < 4.0)
      atomos (~> 0.1.3)
      claide (>= 1.0.2, < 2.0)
      colored2 (~> 3.1)
      nanaimo (~> 0.3.0)
    xcpretty (0.3.0)
      rouge (~> 2.0.7)
    zeitwerk (2.4.2)

PLATFORMS
  ruby

DEPENDENCIES
  nokogiri (~> 1.13)
  slather
  xcpretty

BUNDLED WITH
   1.16.0
